GEM
  remote: https://rubygems.org/
  specs:
    haml (4.0.7)
      tilt
    sqlite3 (1.3.11)
    tilt (2.0.5)

PLATFORMS
  ruby

DEPENDENCIES
  haml
  sqlite3

BUNDLED WITH
   1.12.5
